GEM
  remote: http://rubygems.org/
  specs:
    activesupport (3.0.7)
    addressable (2.2.6)
    eventmachine (0.12.10)
    faraday (0.5.7)
      addressable (~> 2.2.4)
      multipart-post (~> 1.1.0)
      rack (>= 1.1.0, < 2)
    mime-types (1.16)
    multipart-post (1.1.1)
    rack (1.2.2)
    simple_oauth (0.1.5)
    tinder (1.4.4)
      activesupport
      eventmachine
      faraday (~> 0.5.1)
      mime-types
      multipart-post
      twitter-stream
    twitter-stream (0.1.13)
      eventmachine (~> 0.12.8)
      simple_oauth (~> 0.1.4)
    typhoeus (0.2.3)
      mime-types
      mime-types

PLATFORMS
  ruby

DEPENDENCIES
  tinder
  typhoeus
